GEM
  remote: http://rubygems.org/
  specs:
    haml (3.0.25)
    json (1.5.1)
    rack (1.2.2)
    redcarpet (1.13.1)
    sinatra (1.0)
      rack (>= 1.0)

PLATFORMS
  ruby

DEPENDENCIES
  haml (= 3.0.25)
  json (= 1.5.1)
  redcarpet (= 1.13.1)
  sinatra (= 1.0)
